GEM
  remote: http://rubygems.org/
  specs:
    gosu (0.7.43)
    gosu (0.7.43-x86-mingw32)
    rquad (0.2.0)
    texplay (0.3.5)
      gosu (>= 0.7.25)
    texplay (0.3.5-x86-mingw32)
      gosu (>= 0.7.25)

PLATFORMS
  x86-mingw32

DEPENDENCIES
  gosu
  rquad
  texplay (= 0.3.5)
